GEM
  remote: https://rubygems.org/
  specs:
    coderay (1.1.2)
    method_source (0.9.0)
    pg (1.1.3)
    pry (0.11.3)
      coderay (~> 1.1.0)
      method_source (~> 0.9.0)
    sequel (5.13.0)
    sequel-pg_advisory_lock (0.1.2)
      sequel
    simple_uuid (0.4.0)

PLATFORMS
  ruby

DEPENDENCIES
  pg!
  pry!
  sequel!
  sequel-pg_advisory_lock!
  simple_uuid!

BUNDLED WITH
   1.16.4
